GEM
  remote: http://rubygems.org/
  specs:
    capistrano (2.15.5)
      highline
      net-scp (>= 1.0.0)
      net-sftp (>= 2.0.0)
      net-ssh (>= 2.0.14)
      net-ssh-gateway (>= 1.1.0)
    daemons (1.1.9)
    highline (1.6.21)
    json (1.8.1)
    net-scp (1.2.1)
      net-ssh (>= 2.6.5)
    net-sftp (2.1.2)
      net-ssh (>= 2.6.5)
    net-ssh (2.9.1)
    net-ssh-gateway (1.2.0)
      net-ssh (>= 2.6.5)
    newrelic_plugin (1.3.1)
      json
    rvm-capistrano (1.5.2)
      capistrano (~> 2.15.4)

PLATFORMS
  ruby

DEPENDENCIES
  capistrano
  daemons
  newrelic_plugin
  rvm-capistrano
